PATH
  remote: .
  specs:
    cass-fmadata-client (0.0.4)
      dotenv (<= 1.1)
      webmock

GEM
  remote: https://rubygems.org/
  specs:
    addressable (2.5.2)
      public_suffix (>= 2.0.2, < 4.0)
    appraisal (2.2.0)
      bundler
      rake
      thor (>= 0.14.0)
    coderay (1.1.2)
    crack (0.4.3)
      safe_yaml (~> 1.0.0)
    dotenv (1.0.2)
    hashdiff (0.3.7)
    method_source (0.9.0)
    minitest (5.11.3)
    pry (0.11.3)
      coderay (~> 1.1.0)
      method_source (~> 0.9.0)
    public_suffix (3.0.2)
    rake (12.3.1)
    safe_yaml (1.0.4)
    thor (0.20.0)
    webmock (3.4.2)
      addressable (>= 2.3.6)
      crack (>= 0.3.2)
      hashdiff

PLATFORMS
  ruby

DEPENDENCIES
  appraisal
  cass-fmadata-client!
  minitest
  pry

BUNDLED WITH
   1.16.1
