PATH
  remote: .
  specs:
    cass-fmadata-client (1.0.4)
      dotenv (<= 1.1)
      webmock (<= 1.24.6)

GEM
  remote: https://rubygems.org/
  specs:
    addressable (2.3.7)
    appraisal (2.2.0)
      bundler
      rake
      thor (>= 0.14.0)
    coderay (1.0.9)
    crack (0.4.3)
      safe_yaml (~> 1.0.0)
    dotenv (1.0.2)
    hashdiff (0.2.2)
    json (1.8.6)
    method_source (0.9.2)
    minitest (5.11.3)
    pry (0.9.12)
      coderay (~> 1.0.5)
      method_source (~> 0.8)
      slop (~> 3.4)
    rake (10.5.0)
    safe_yaml (1.0.4)
    slop (3.6.0)
    thor (0.20.3)
    webmock (1.24.6)
      addressable (>= 2.3.6)
      crack (>= 0.3.2)
      hashdiff

PLATFORMS
  ruby

DEPENDENCIES
  addressable (<= 2.3.7)
  appraisal
  cass-fmadata-client!
  hashdiff (<= 0.2.2)
  json
  minitest
  pry (<= 0.9.12)
  rake (~> 10.0)
  webmock (<= 1.24.6)

RUBY VERSION
   ruby 1.8.7p376

BUNDLED WITH
   1.16.1
